PATH
  remote: .
  specs:
    freeagent (0.1.0)

GEM
  remote: http://rubygems.org/
  specs:
    diff-lcs (1.1.2)
    rspec (2.5.0)
      rspec-core (~> 2.5.0)
      rspec-expectations (~> 2.5.0)
      rspec-mocks (~> 2.5.0)
    rspec-core (2.5.1)
    rspec-expectations (2.5.0)
      diff-lcs (~> 1.1.2)
    rspec-mocks (2.5.0)
    yard (0.6.7)

PLATFORMS
  ruby

DEPENDENCIES
  freeagent!
  rspec (~> 2.5.0)
  yard
