PATH
  remote: .
  specs:
    freeagent (0.1.0)

GEM
  remote: http://rubygems.org/
  specs:
    activemodel (3.0.7)
      activesupport (= 3.0.7)
      builder (~> 2.1.2)
      i18n (~> 0.5.0)
    activeresource (3.0.7)
      activemodel (= 3.0.7)
      activesupport (= 3.0.7)
    activesupport (3.0.7)
    builder (2.1.2)
    diff-lcs (1.1.2)
    i18n (0.5.0)
    json (1.5.1)
    mimic (0.4.2)
      json
      plist
      rack
      sinatra
    plist (3.1.0)
    rack (1.2.2)
    rr (1.0.2)
    rspec (2.5.0)
      rspec-core (~> 2.5.0)
      rspec-expectations (~> 2.5.0)
      rspec-mocks (~> 2.5.0)
    rspec-core (2.5.1)
    rspec-expectations (2.5.0)
      diff-lcs (~> 1.1.2)
    rspec-mocks (2.5.0)
    sinatra (1.2.3)
      rack (~> 1.1)
      tilt (>= 1.2.2, < 2.0)
    tilt (1.3)
    yard (0.6.7)

PLATFORMS
  ruby

DEPENDENCIES
  activeresource (>= 3.0.0)
  freeagent!
  mimic
  rr
  rspec (~> 2.5.0)
  yard
